GEM
  remote: https://rubygems.org/
  specs:
    dotenv (2.7.2)
    encrypted_cookie (0.0.5)
      rack (>= 1.1, < 3)
    faraday (0.15.4)
      multipart-post (>= 1.2, < 3)
    json (2.2.0)
    multipart-post (2.0.0)
    mustermann (1.0.3)
    rack (2.0.6)
    rack-protection (2.0.5)
      rack
    sinatra (2.0.5)
      mustermann (~> 1.0)
      rack (~> 2.0)
      rack-protection (= 2.0.5)
      tilt (~> 2.0)
    sinatra-cross_origin (0.4.0)
    stripe (3.31.1)
      faraday (~> 0.10)
    tilt (2.0.9)

PLATFORMS
  ruby

DEPENDENCIES
  dotenv (~> 2.2)
  encrypted_cookie (~> 0.0)
  json (~> 2.1)
  sinatra (~> 2.0)
  sinatra-cross_origin
  stripe (~> 3.29)

RUBY VERSION
   ruby 2.5.1p57

BUNDLED WITH
   1.17.1
